GEM
  remote: https://rubygems.org/
  specs:
    actioncable (5.0.3)
      actionpack (= 5.0.3)
      nio4r (>= 1.2, < 3.0)
      websocket-driver (~> 0.6.1)
    actionmailer (5.0.3)
      actionpack (= 5.0.3)
      actionview (= 5.0.3)
      activejob (= 5.0.3)
      mail (~> 2.5, >= 2.5.4)
      rails-dom-testing (~> 2.0)
    actionpack (5.0.3)
      actionview (= 5.0.3)
      activesupport (= 5.0.3)
      rack (~> 2.0)
      rack-test (~> 0.6.3)
      rails-dom-testing (~> 2.0)
      rails-html-sanitizer (~> 1.0, >= 1.0.2)
    actionview (5.0.3)
      activesupport (= 5.0.3)
      builder (~> 3.1)
      erubis (~> 2.7.0)
      rails-dom-testing (~> 2.0)
      rails-html-sanitizer (~> 1.0, >= 1.0.3)
    activejob (5.0.3)
      activesupport (= 5.0.3)
      globalid (>= 0.3.6)
    activemodel (5.0.3)
      activesupport (= 5.0.3)
    activerecord (5.0.3)
      activemodel (= 5.0.3)
      activesupport (= 5.0.3)
      arel (~> 7.0)
    activesupport (5.0.3)
      concurrent-ruby (~> 1.0, >= 1.0.2)
      i18n (~> 0.7)
      minitest (~> 5.1)
      tzinfo (~> 1.1)
    addressable (2.5.1)
      public_suffix (~> 2.0, >= 2.0.2)
    airbrake (4.0.0)
      builder
      multi_json
    arel (7.1.4)
    builder (3.2.3)
    byebug (9.0.6)
    capybara (2.14.0)
      addressable
      mime-types (>= 1.16)
      nokogiri (>= 1.3.3)
      rack (>= 1.0.0)
      rack-test (>= 0.5.4)
      xpath (~> 2.0)
    coderay (1.1.1)
    concurrent-ruby (1.0.5)
    crack (0.4.3)
      safe_yaml (~> 1.0.0)
    database_cleaner (1.6.1)
    domain_name (0.5.20170404)
      unf (>= 0.0.5, < 1.0.0)
    erubis (2.7.0)
    execjs (2.7.0)
    factory_girl (4.1.0)
      activesupport (>= 3.0.0)
    factory_girl_rails (4.1.0)
      factory_girl (~> 4.1.0)
      railties (>= 3.0.0)
    faraday (0.11.0)
      multipart-post (>= 1.2, < 3)
    formtastic (3.1.5)
      actionpack (>= 3.2.13)
    globalid (0.4.0)
      activesupport (>= 4.2.0)
    googlebooks (0.0.9)
      httparty
    has_scope (0.7.1)
      actionpack (>= 4.1, < 5.2)
      activesupport (>= 4.1, < 5.2)
    hashdiff (0.3.4)
    hashie (3.5.5)
    http-cookie (1.0.3)
      domain_name (~> 0.5)
    httparty (0.15.5)
      multi_xml (>= 0.5.2)
    i18n (0.8.1)
    jquery-rails (4.3.1)
      rails-dom-testing (>= 1, < 3)
      railties (>= 4.2.0)
      thor (>= 0.14, < 2.0)
    json (2.1.0)
    jwt (1.5.6)
    loofah (2.0.3)
      nokogiri (>= 1.5.9)
    mail (2.6.5)
      mime-types (>= 1.16, < 4)
    metaclass (0.0.4)
    method_source (0.8.2)
    mime-types (3.1)
      mime-types-data (~> 3.2015)
    mime-types-data (3.2016.0521)
    mini_portile2 (2.1.0)
    minitest (5.10.2)
    minitest-spec-rails (5.4.0)
      minitest (~> 5.0)
      rails (>= 4.1)
    mocha (1.2.1)
      metaclass (~> 0.0.1)
    multi_json (1.12.1)
    multi_xml (0.6.0)
    multipart-post (2.0.0)
    netrc (0.11.0)
    nio4r (2.0.0)
    nokogiri (1.7.2)
      mini_portile2 (~> 2.1.0)
    oauth2 (1.3.1)
      faraday (>= 0.8, < 0.12)
      jwt (~> 1.0)
      multi_json (~> 1.3)
      multi_xml (~> 0.5)
      rack (>= 1.2, < 3)
    omniauth (1.6.1)
      hashie (>= 3.4.6, < 3.6.0)
      rack (>= 1.6.2, < 3)
    omniauth-google-oauth2 (0.4.1)
      jwt (~> 1.5.2)
      multi_json (~> 1.3)
      omniauth (>= 1.1.1)
      omniauth-oauth2 (>= 1.3.1)
    omniauth-oauth2 (1.4.0)
      oauth2 (~> 1.0)
      omniauth (~> 1.2)
    openlibrary (1.0.0)
      json
      rest-client
    paper_trail (7.0.2)
      activerecord (>= 4.0, < 5.2)
      request_store (~> 1.1)
    pg (0.20.0)
    possessive (1.0.1)
    pry (0.10.4)
      coderay (~> 1.1.0)
      method_source (~> 0.8.1)
      slop (~> 3.4)
    pry-byebug (3.4.2)
      byebug (~> 9.0)
      pry (~> 0.10)
    public_suffix (2.0.5)
    puma (3.8.2)
    rack (2.0.3)
    rack-ssl-enforcer (0.2.9)
    rack-test (0.6.3)
      rack (>= 1.0)
    rails (5.0.3)
      actioncable (= 5.0.3)
      actionmailer (= 5.0.3)
      actionpack (= 5.0.3)
      actionview (= 5.0.3)
      activejob (= 5.0.3)
      activemodel (= 5.0.3)
      activerecord (= 5.0.3)
      activesupport (= 5.0.3)
      bundler (>= 1.3.0, < 2.0)
      railties (= 5.0.3)
      sprockets-rails (>= 2.0.0)
    rails-dom-testing (2.0.3)
      activesupport (>= 4.2.0)
      nokogiri (>= 1.6)
    rails-html-sanitizer (1.0.3)
      loofah (~> 2.0)
    rails_12factor (0.0.3)
      rails_serve_static_assets
      rails_stdout_logging
    rails_serve_static_assets (0.0.5)
    rails_stdout_logging (0.0.5)
    railties (5.0.3)
      actionpack (= 5.0.3)
      activesupport (= 5.0.3)
      method_source
      rake (>= 0.8.7)
      thor (>= 0.18.1, < 2.0)
    rake (12.0.0)
    request_store (1.3.2)
    rest-client (2.0.2)
      http-cookie (>= 1.0.2, < 2.0)
      mime-types (>= 1.16, < 4.0)
      netrc (~> 0.8)
    safe_yaml (1.0.4)
    sass (3.4.24)
    sass-rails (5.0.6)
      railties (>= 4.0.0, < 6)
      sass (~> 3.1)
      sprockets (>= 2.8, < 4.0)
      sprockets-rails (>= 2.0, < 4.0)
      tilt (>= 1.1, < 3)
    slop (3.6.0)
    sprockets (3.7.1)
      concurrent-ruby (~> 1.0)
      rack (> 1, < 3)
    sprockets-rails (3.2.0)
      actionpack (>= 4.0)
      activesupport (>= 4.0)
      sprockets (>= 3.0.0)
    thor (0.19.4)
    thread_safe (0.3.6)
    tilt (2.0.7)
    tzinfo (1.2.3)
      thread_safe (~> 0.1)
    uglifier (3.2.0)
      execjs (>= 0.3.0, < 3)
    unf (0.1.4)
      unf_ext
    unf_ext (0.0.7.4)
    webmock (3.0.1)
      addressable (>= 2.3.6)
      crack (>= 0.3.2)
      hashdiff
    websocket-driver (0.6.5)
      websocket-extensions (>= 0.1.0)
    websocket-extensions (0.1.2)
    xpath (2.1.0)
      nokogiri (~> 1.3)

PLATFORMS
  ruby

DEPENDENCIES
  airbrake (~> 4.0.0)
  capybara
  database_cleaner
  factory_girl_rails (= 4.1.0)
  formtastic
  googlebooks
  has_scope
  jquery-rails
  minitest-spec-rails
  mocha
  omniauth-google-oauth2
  openlibrary
  paper_trail (~> 7.0.2)
  pg
  possessive
  pry-byebug
  puma
  rack-ssl-enforcer
  rails (= 5.0.3)
  rails_12factor
  sass-rails (~> 5.0.6)
  uglifier (~> 3.2.0)
  webmock

RUBY VERSION
   ruby 2.4.1p111

BUNDLED WITH
   1.15.0
